GEM
  remote: https://rubygems.org/
  specs:
    hotkeys (0.1.2)

PLATFORMS
  ruby

DEPENDENCIES
  hotkeys
